GEM
  remote: https://rubygems.org/
  specs:
    chunky_png (1.3.11)
    diff-lcs (1.4.2)
    rspec (3.9.0)
      rspec-core (~> 3.9.0)
      rspec-expectations (~> 3.9.0)
      rspec-mocks (~> 3.9.0)
    rspec-core (3.9.2)
      rspec-support (~> 3.9.3)
    rspec-expectations (3.9.2)
      diff-lcs (>= 1.2.0, < 2.0)
      rspec-support (~> 3.9.0)
    rspec-mocks (3.9.1)
      diff-lcs (>= 1.2.0, < 2.0)
      rspec-support (~> 3.9.0)
    rspec-support (3.9.3)
    solid_assert (1.0.0)

PLATFORMS
  ruby

DEPENDENCIES
  chunky_png
  rspec
  solid_assert

BUNDLED WITH
   2.1.4
